GEM
  remote: http://rubygems.org/
  specs:
    fastercsv (1.5.4)
    mechanize (1.0.0)
      nokogiri (>= 1.2.1)
    nokogiri (1.4.4)

PLATFORMS
  ruby

DEPENDENCIES
  fastercsv
  mechanize
